PATH
  remote: .
  specs:
    klarna (0.1.0)
      activesupport (= 2.3.11)
      i18n

GEM
  remote: http://rubygems.org/
  specs:
    activesupport (2.3.11)
    ansi (1.2.2)
    i18n (0.5.0)
    minitest (2.0.2)
    mocha (0.9.11)
      rake
    rack (1.2.1)
    rake (0.8.7)
    sinatra (1.1.2)
      rack (~> 1.1)
      tilt (~> 1.2)
    sinatra-mapping (1.2.0)
      sinatra (>= 0.9.1.1)
    tilt (1.2.2)
    turn (0.8.2)
      ansi (>= 1.2.2)

PLATFORMS
  ruby

DEPENDENCIES
  bundler (~> 1.0)
  klarna!
  minitest
  mocha
  sinatra
  sinatra-mapping
  turn
